GEM
  remote: http://rubygems.org/
  specs:
    raspell (1.2)

PLATFORMS
  ruby

DEPENDENCIES
  raspell
