GEM
  remote: http://rubygems.org/
  specs:
    polyglot (0.3.1)
    treetop (1.4.9)
      polyglot (>= 0.3.1)

PLATFORMS
  ruby

DEPENDENCIES
  treetop
